PATH
  remote: .
  specs:
    foma (0.3.0)

GEM
  remote: https://rubygems.org/
  specs:
    minitest (5.14.1)
    rake (12.3.3)
    rake-compiler (1.1.0)
      rake

PLATFORMS
  ruby

DEPENDENCIES
  bundler (~> 2.0)
  foma!
  minitest (~> 5.11)
  rake (~> 12.0)
  rake-compiler (~> 1.0)

BUNDLED WITH
   2.1.4
