PATH
  remote: .
  specs:
    foma (0.3.0)

GEM
  remote: https://rubygems.org/
  specs:
    minitest (5.11.3)
    rake (13.0.1)
    rake-compiler (1.0.7)
      rake

PLATFORMS
  ruby

DEPENDENCIES
  bundler (~> 1.16)
  foma!
  minitest (~> 5.11)
  rake (~> 13.0)
  rake-compiler (~> 1.0)
