PATH
  remote: .
  specs:
    foma (0.3.0)

GEM
  remote: https://rubygems.org/
  specs:
    minitest (5.11.3)
    rake (12.3.2)
    rake-compiler (1.0.7)
      rake

PLATFORMS
  ruby

DEPENDENCIES
  bundler
  foma!
  minitest
  rake (~> 12.0)
  rake-compiler
