PATH
  remote: .
  specs:
    foma (0.3.0)

GEM
  remote: https://rubygems.org/
  specs:
    rake (12.3.2)

PLATFORMS
  ruby

DEPENDENCIES
  bundler
  foma!
  rake (~> 12.0)
